GEM
  remote: http://rubygems.org/
  specs:
    GeoRuby (1.3.3)
    ZenTest (4.6.2)
    actionmailer (2.3.10)
      actionpack (= 2.3.10)
    actionpack (2.3.10)
      activesupport (= 2.3.10)
      rack (~> 1.1.0)
    activerecord (2.3.10)
      activesupport (= 2.3.10)
    activeresource (2.3.10)
      activesupport (= 2.3.10)
    activesupport (2.3.10)
    authlogic (2.1.2)
      activesupport
    autotest (4.4.6)
      ZenTest (>= 4.4.1)
    autotest-rails (4.1.0)
      ZenTest
    cucumber (0.1.16)
      diff-lcs (>= 1.1.2)
      term-ansicolor (>= 1.0.3)
      treetop (>= 1.2.4)
    diff-lcs (1.1.3)
    fast_gettext (0.4.17)
    gettext (2.0.0)
    polyglot (0.3.2)
    postgres (0.7.9.2008.01.28)
    prawn (0.4.0)
      prawn-layout
    prawn-layout (0.1.0)
    rack (1.1.0)
    rails (2.3.10)
      actionmailer (= 2.3.10)
      actionpack (= 2.3.10)
      activerecord (= 2.3.10)
      activeresource (= 2.3.10)
      activesupport (= 2.3.10)
      rake (>= 0.8.3)
    rake (0.8.7)
    rdiscount (1.3.1)
    rspec (1.3.2)
    rspec-rails (1.3.4)
      rack (>= 1.0.0)
      rspec (~> 1.3.1)
    term-ansicolor (1.0.6)
    treetop (1.4.10)
      polyglot
      polyglot (>= 0.3.1)

PLATFORMS
  ruby

DEPENDENCIES
  GeoRuby
  authlogic (>= 2.1.2)
  autotest
  autotest-rails
  cucumber (~> 0.1.11)
  fast_gettext
  gettext (>= 1.9.3)
  postgres
  prawn
  rails (~> 2.3.5)
  rdiscount (>= 1.2.11)
  rspec-rails (~> 1.3.2)
