GEM
  remote: http://rubygems.org/
  specs:
    GeoRuby (1.3.3)
    ZenTest (4.6.2)
    actionmailer (2.3.10)
      actionpack (= 2.3.10)
    actionpack (2.3.10)
      activesupport (= 2.3.10)
      rack (~> 1.1.0)
    activerecord (2.3.10)
      activesupport (= 2.3.10)
    activeresource (2.3.10)
      activesupport (= 2.3.10)
    activesupport (2.3.10)
    authlogic (2.1.2)
      activesupport
    autotest (4.4.6)
      ZenTest (>= 4.4.1)
    autotest-rails (4.1.0)
      ZenTest
    builder (3.0.0)
    columnize (0.3.4)
    cucumber (0.3.104)
      builder (>= 2.1.2)
      diff-lcs (>= 1.1.2)
      polyglot (>= 0.2.9)
      term-ansicolor (>= 1.0.3)
      treetop (>= 1.4.2)
    diff-lcs (1.1.3)
    fast_gettext (0.4.17)
    ffaker (1.8.1)
    gettext (2.0.0)
    haml (3.0.25)
    linecache (0.46)
      rbx-require-relative (> 0.0.4)
    machinist (1.0.6)
    nokogiri (1.5.0)
    polyglot (0.3.2)
    postgres (0.7.9.2008.01.28)
    prawn (0.4.0)
      prawn-layout
    prawn-layout (0.1.0)
    rack (1.1.0)
    rack-test (0.6.1)
      rack (>= 1.0)
    rails (2.3.10)
      actionmailer (= 2.3.10)
      actionpack (= 2.3.10)
      activerecord (= 2.3.10)
      activeresource (= 2.3.10)
      activesupport (= 2.3.10)
      rake (>= 0.8.3)
    rake (0.8.7)
    rbx-require-relative (0.0.5)
    rdiscount (1.3.1)
    rspec (1.3.2)
    rspec-rails (1.3.4)
      rack (>= 1.0.0)
      rspec (~> 1.3.1)
    ruby-debug (0.10.4)
      columnize (>= 0.1)
      ruby-debug-base (~> 0.10.4.0)
    ruby-debug-base (0.10.4)
      linecache (>= 0.3)
    sass (3.1.7)
    term-ansicolor (1.0.6)
    treetop (1.4.10)
      polyglot
      polyglot (>= 0.3.1)
    webrat (0.7.3)
      nokogiri (>= 1.2.0)
      rack (>= 1.0)
      rack-test (>= 0.5.3)

PLATFORMS
  ruby

DEPENDENCIES
  GeoRuby
  authlogic (>= 2.1.2)
  autotest
  autotest-rails
  cucumber (~> 0.3.101)
  fast_gettext
  ffaker
  gettext (>= 1.9.3)
  haml
  machinist (>= 1.0.3)
  postgres
  prawn
  rails (~> 2.3.5)
  rdiscount (>= 1.2.11)
  rspec-rails
  ruby-debug
  sass
  webrat (>= 0.4.3)
