GEM
  remote: http://localhost:8808/
  specs:
    GeoRuby (1.3.3)
    actionmailer (2.3.10)
      actionpack (= 2.3.10)
    actionpack (2.3.10)
      activesupport (= 2.3.10)
      rack (~> 1.1.0)
    activerecord (2.3.10)
      activesupport (= 2.3.10)
    activeresource (2.3.10)
      activesupport (= 2.3.10)
    activesupport (2.3.10)
    fast_gettext (0.4.17)
    postgres (0.7.9.2008.01.28)
    prawn (0.4.0)
      prawn-layout
    prawn-layout (0.1.0)
    rack (1.1.0)
    rails (2.3.10)
      actionmailer (= 2.3.10)
      actionpack (= 2.3.10)
      activerecord (= 2.3.10)
      activeresource (= 2.3.10)
      activesupport (= 2.3.10)
      rake (>= 0.8.3)
    rake (0.8.7)

PLATFORMS
  ruby

DEPENDENCIES
  GeoRuby
  fast_gettext
  postgres
  prawn
  rails (~> 2.3.5)
